GIT
  remote: git://github.com/chriseppstein/compass.git
  revision: f12e92601c906735866ac7b0ab1131c3a6a13396
  specs:
    compass (0.11.1.f12e926)
      chunky_png (~> 1.1)
      fssm (>= 0.2.7)
      sass (~> 3.1)

GIT
  remote: git://github.com/goodwink/classifier.git
  revision: b07021699ebee2bfc9458f420aa3e1bc2fe7d04b
  specs:
    classifier (1.4.3)
      ruby-stemmer (>= 0.9.1)
      sequel (~> 3.2)
      sqlite3 (~> 1.3)

GIT
  remote: git://github.com/mongodb/mongo-ruby-driver.git
  revision: cb54c6b295b80a1d14eabca02dfe97fa77930034
  specs:
    bson (1.3.0)
    bson_ext (1.3.0)
    mongo (1.3.0)
      bson (>= 1.3.0)

GIT
  remote: git://github.com/mongoid/mongoid.git
  revision: 2f77710e6d56b430308c9d254596f2b1cdfe1965
  specs:
    mongoid (2.0.1)
      activemodel (~> 3.0)
      mongo (~> 1.3)
      tzinfo (~> 0.3.22)

GIT
  remote: git://github.com/rack/rack.git
  revision: c16729ddc2a0576818db2e8c20ca6550d9d2cdad
  specs:
    rack (1.3.0.beta)

GIT
  remote: git://github.com/rails/rails.git
  revision: 3f36441e90d0930349186ca597c9884ff1d7fbdb
  specs:
    actionmailer (3.1.0.beta1)
      actionpack (= 3.1.0.beta1)
      mail (~> 2.3.0)
    actionpack (3.1.0.beta1)
      activemodel (= 3.1.0.beta1)
      activesupport (= 3.1.0.beta1)
      builder (~> 3.0.0)
      erubis (~> 2.7.0)
      i18n (~> 0.6.0beta1)
      rack (~> 1.3.0.beta)
      rack-cache (~> 1.0.1)
      rack-mount (~> 0.7.2)
      rack-test (~> 0.6.0)
      sprockets (~> 2.0.0.beta.2)
      tzinfo (~> 0.3.27)
    activemodel (3.1.0.beta1)
      activesupport (= 3.1.0.beta1)
      bcrypt-ruby (~> 2.1.4)
      builder (~> 3.0.0)
      i18n (~> 0.6.0beta1)
    activerecord (3.1.0.beta1)
      activemodel (= 3.1.0.beta1)
      activesupport (= 3.1.0.beta1)
      arel (~> 2.1.0)
      tzinfo (~> 0.3.27)
    activeresource (3.1.0.beta1)
      activemodel (= 3.1.0.beta1)
      activesupport (= 3.1.0.beta1)
    activesupport (3.1.0.beta1)
      multi_json (~> 1.0)
    rails (3.1.0.beta1)
      actionmailer (= 3.1.0.beta1)
      actionpack (= 3.1.0.beta1)
      activerecord (= 3.1.0.beta1)
      activeresource (= 3.1.0.beta1)
      activesupport (= 3.1.0.beta1)
      bundler (~> 1.0)
      railties (= 3.1.0.beta1)
    railties (3.1.0.beta1)
      actionpack (= 3.1.0.beta1)
      activesupport (= 3.1.0.beta1)
      rack-ssl (~> 1.3.2)
      rake (>= 0.8.7)
      thor (~> 0.14.6)

GEM
  remote: http://rubygems.org/
  specs:
    ZenTest (4.5.0)
    addressable (2.2.5)
    arel (2.1.0)
    autotest (4.4.6)
      ZenTest (>= 4.4.1)
    autotest-rails (4.1.0)
      ZenTest
    bcrypt-ruby (2.1.4)
    builder (3.0.0)
    chunky_png (1.2.0)
    daemons (1.1.3)
    diff-lcs (1.1.2)
    erubis (2.7.0)
    eventmachine (0.12.10)
    factory_girl (1.3.3)
    faker (0.9.5)
      i18n (~> 0.4)
    faraday (0.6.1)
      addressable (~> 2.2.4)
      multipart-post (~> 1.1.0)
      rack (>= 1.1.0, < 2)
    faraday_middleware (0.6.3)
      faraday (~> 0.6.0)
    fssm (0.2.7)
    haml (3.1.1)
    haml-rails (0.3.4)
      actionpack (~> 3.0)
      activesupport (~> 3.0)
      haml (~> 3.0)
      railties (~> 3.0)
    hashie (1.0.0)
    hike (1.0.0)
    i18n (0.6.0beta1)
    json (1.5.1)
    mail (2.3.0)
      i18n (>= 0.4.0)
      mime-types (~> 1.16)
      treetop (~> 1.4.8)
    mime-types (1.16)
    multi_json (1.0.1)
    multi_xml (0.2.2)
    multipart-post (1.1.0)
    polyglot (0.3.1)
    rack-cache (1.0.1)
      rack (>= 0.4)
    rack-mount (0.7.2)
      rack (>= 1.0.0)
    rack-ssl (1.3.2)
      rack
    rack-test (0.6.0)
      rack (>= 1.0)
    rake (0.8.7)
    rash (0.3.0)
      hashie (~> 1.0.0)
    recaptcha (0.3.1)
    rspec (2.5.0)
      rspec-core (~> 2.5.0)
      rspec-expectations (~> 2.5.0)
      rspec-mocks (~> 2.5.0)
    rspec-core (2.5.2)
    rspec-expectations (2.5.0)
      diff-lcs (~> 1.1.2)
    rspec-mocks (2.5.0)
    rspec-rails (2.5.0)
      actionpack (~> 3.0)
      activesupport (~> 3.0)
      railties (~> 3.0)
      rspec (~> 2.5.0)
    ruby-stemmer (0.9.1)
    sass (3.1.1)
    sequel (3.23.0)
    simple_oauth (0.1.5)
    sprockets (2.0.0.beta.2)
      hike (~> 1.0)
      rack (~> 1.0)
      tilt (~> 1.0)
    sqlite3 (1.3.3)
    sqlite3-ruby (1.3.3)
      sqlite3 (>= 1.3.3)
    thor (0.14.6)
    tilt (1.3)
    treetop (1.4.9)
      polyglot (>= 0.3.1)
    tweetstream (1.0.4)
      daemons
      twitter-stream
    twitter (1.4.1)
      faraday (~> 0.6.1)
      faraday_middleware (~> 0.6.3)
      hashie (~> 1.0.0)
      multi_json (~> 1.0.0)
      multi_xml (~> 0.2.0)
      rash (~> 0.3.0)
      simple_oauth (~> 0.1.4)
    twitter-stream (0.1.13)
      eventmachine (~> 0.12.8)
      simple_oauth (~> 0.1.4)
    tzinfo (0.3.27)

PLATFORMS
  ruby

DEPENDENCIES
  autotest
  autotest-rails
  bson_ext
  classifier!
  compass!
  factory_girl
  faker
  haml-rails
  json
  mongo!
  mongoid!
  rack!
  rails!
  recaptcha (>= 0.3.1)
  rspec
  rspec-rails
  sqlite3
  sqlite3-ruby
  tweetstream
  twitter
